GIT
  remote: https://github.com/stympy/faker.git
  revision: c972b0d791dd99d45058ba4fe625dbd27bb3fbe0
  branch: master
  specs:
    faker (1.8.4)
      i18n (~> 0.5)

GEM
  remote: https://rubygems.org/
  specs:
    coderay (1.1.2)
    i18n (0.8.6)
    method_source (0.9.0)
    pry (0.11.3)
      coderay (~> 1.1.0)
      method_source (~> 0.9.0)

PLATFORMS
  ruby

DEPENDENCIES
  faker!
  pry

BUNDLED WITH
   1.16.0
